PATH
  remote: .
  specs:
    corona (0.2.0)
      asetus (~> 0.3)
      sequel (~> 5.10)
      slop (~> 3.6)
      snmp (~> 1.2)
      sqlite3 (~> 1.4)

GEM
  remote: https://rubygems.org/
  specs:
    asetus (0.3.0)
    sequel (5.24.0)
    slop (3.6.0)
    snmp (1.3.2)
    sqlite3 (1.4.1)

PLATFORMS
  ruby

DEPENDENCIES
  corona!

BUNDLED WITH
   2.0.2
